GEM
  remote: https://rubygems.org/
  specs:
    asciidoctor (1.5.8)
    asciidoctor-revealjs (1.1.3)
      asciidoctor (~> 1.5.6)
      thread_safe (~> 0.3.5)
    concurrent-ruby (1.1.4)
    thread_safe (0.3.6)

PLATFORMS
  ruby

DEPENDENCIES
  asciidoctor
  asciidoctor-revealjs
  concurrent-ruby

BUNDLED WITH
   1.16.2
